PATH
  remote: .
  specs:
    ruby-debug-base (0.10.4-java)

GEM
  remote: https://rubygems.org/
  specs:
    rake (10.1.1)
    rake-compiler (0.9.2)
      rake

PLATFORMS
  java

DEPENDENCIES
  rake-compiler
  ruby-debug-base!
